GEM
  remote: https://rubygems.org/
  specs:
    colorize (0.5.8)
    parseconfig (1.0.2)
    zookeeper (1.4.4)

PLATFORMS
  ruby

DEPENDENCIES
  colorize
  parseconfig
  zookeeper
